GEM
  remote: http://rubygems.org/
  specs:
    bson (1.3.1)
    bson_ext (1.3.1)
    json (1.5.4)
    mongo (1.3.1)
      bson (>= 1.3.1)
    mongo_ext (0.19.3)
    oauth (0.4.5)
    rack (1.3.2)
    rubytter (1.4.2)
      json (>= 1.1.3)
      oauth (>= 0.3.6)
    sinatra (1.2.6)
      rack (~> 1.1)
      tilt (< 2.0, >= 1.2.2)
    tilt (1.3.3)

PLATFORMS
  ruby

DEPENDENCIES
  bson_ext
  mongo
  mongo_ext
  oauth
  rack
  rubytter
  sinatra
